GIT
  remote: git@github.com:nmlynl/ruby-hl7.git
  revision: b284761e33d0aa14a904b7a11e3c6a671bca7751
  specs:
    ruby-hl7 (1.1.1)
      rake (>= 10.0.0)
      rubyforge (>= 2.0.4)

GEM
  remote: http://rubygems.org/
  specs:
    diff-lcs (1.2.5)
    docile (1.1.5)
    git (1.2.9.1)
    json (1.8.3)
    json_pure (1.8.3)
    rake (12.3.3)
    rdoc (4.2.1)
      json (~> 1.4)
    rspec (2.99.0)
      rspec-core (~> 2.99.0)
      rspec-expectations (~> 2.99.0)
      rspec-mocks (~> 2.99.0)
    rspec-core (2.99.2)
    rspec-expectations (2.99.2)
      diff-lcs (>= 1.1.3, < 2.0)
    rspec-mocks (2.99.4)
    rubyforge (2.0.4)
      json_pure (>= 1.1.7)
    simplecov (0.11.1)
      docile (~> 1.1.0)
      json (~> 1.8)
      simplecov-html (~> 0.10.0)
    simplecov-html (0.10.0)
    technicalpickles-jeweler (1.2.1)
      git (>= 1.2.1)
      rubyforge

PLATFORMS
  ruby

DEPENDENCIES
  rake (~> 12.3.3)
  rdoc
  rspec (~> 2.99.0)
  ruby-hl7 (= 1.1.1)!
  rubyforge
  simplecov
  technicalpickles-jeweler

BUNDLED WITH
   1.16.1
