GIT
  remote: git@github.com:nmlynl/ruby-hl7.git
  revision: b284761e33d0aa14a904b7a11e3c6a671bca7751
  specs:
    ruby-hl7 (1.1.1)
      rake (>= 10.0.0)
      rubyforge (>= 2.0.4)

GEM
  remote: http://rubygems.org/
  specs:
    activesupport (5.1.5)
      concurrent-ruby (~> 1.0, >= 1.0.2)
      i18n (~> 0.7)
      minitest (~> 5.1)
      tzinfo (~> 1.1)
    concurrent-ruby (1.0.5)
    diff-lcs (1.2.5)
    docile (1.1.5)
    enumerate_it (1.7.0)
      activesupport (>= 3.0.0)
    git (1.2.9.1)
    i18n (0.9.5)
      concurrent-ruby (~> 1.0)
    json (1.8.3)
    json_pure (1.8.3)
    minitest (5.11.3)
    rake (10.0.4)
    rdoc (4.2.1)
      json (~> 1.4)
    rspec (2.99.0)
      rspec-core (~> 2.99.0)
      rspec-expectations (~> 2.99.0)
      rspec-mocks (~> 2.99.0)
    rspec-core (2.99.2)
    rspec-expectations (2.99.2)
      diff-lcs (>= 1.1.3, < 2.0)
    rspec-mocks (2.99.4)
    rubyforge (2.0.4)
      json_pure (>= 1.1.7)
    simplecov (0.11.1)
      docile (~> 1.1.0)
      json (~> 1.8)
      simplecov-html (~> 0.10.0)
    simplecov-html (0.10.0)
    technicalpickles-jeweler (1.2.1)
      git (>= 1.2.1)
      rubyforge
    thread_safe (0.3.6)
    tzinfo (1.2.5)
      thread_safe (~> 0.1)

PLATFORMS
  ruby

DEPENDENCIES
  enumerate_it
  rake (~> 10.0.3)
  rdoc
  rspec (~> 2.99.0)
  ruby-hl7 (= 1.1.1)!
  rubyforge
  simplecov
  technicalpickles-jeweler

BUNDLED WITH
   1.16.1
